GEM
  remote: https://rubygems.org/
  specs:
    fortum_reader (0.0.1)

PLATFORMS
  ruby

DEPENDENCIES
  fortum_reader
